STORAGE: NONE
RESTRICTION: == net50
NUGET
  remote: https://api.nuget.org/v3/index.json
    Argu (6.1.1)
      FSharp.Core (>= 4.3.2)
      System.Configuration.ConfigurationManager (>= 4.4)
    Avalonia (0.10)
      Avalonia.Remote.Protocol (>= 0.10)
      JetBrains.Annotations (>= 10.3)
      System.ComponentModel.Annotations (>= 4.5)
      System.Memory (>= 4.5.3)
      System.Reactive (>= 5.0)
      System.Runtime.CompilerServices.Unsafe (>= 4.6)
      System.ValueTuple (>= 4.5)
    Avalonia.Angle.Windows.Natives (2.1.0.2020091801)
    Avalonia.Desktop (0.10)
      Avalonia (>= 0.10)
      Avalonia.Native (>= 0.10)
      Avalonia.Skia (>= 0.10)
      Avalonia.Win32 (>= 0.10)
      Avalonia.X11 (>= 0.10)
    Avalonia.FreeDesktop (0.10)
      Avalonia (>= 0.10)
      Tmds.DBus (>= 0.9)
    Avalonia.Native (0.10)
      Avalonia (>= 0.10)
    Avalonia.Remote.Protocol (0.10)
    Avalonia.Skia (0.10)
      Avalonia (>= 0.10)
      HarfBuzzSharp (>= 2.6.1.7)
      HarfBuzzSharp.NativeAssets.Linux (>= 2.6.1.7)
      SkiaSharp (>= 2.80.2)
      SkiaSharp.NativeAssets.Linux (>= 2.80.2)
    Avalonia.Win32 (0.10)
      Avalonia (>= 0.10)
      Avalonia.Angle.Windows.Natives (>= 2.1.0.2020091801)
      System.Drawing.Common (>= 4.5)
      System.Numerics.Vectors (>= 4.5)
    Avalonia.X11 (0.10)
      Avalonia (>= 0.10)
      Avalonia.FreeDesktop (>= 0.10)
      Avalonia.Skia (>= 0.10)
    Elmish (3.1)
      FSharp.Core (>= 4.6.2)
    Expecto (9.0.2)
      FSharp.Core (>= 4.6)
      Mono.Cecil (>= 0.11.2)
    Expecto.FsCheck (9.0.2)
      Expecto (>= 9.0.2)
      FsCheck (>= 2.14.2)
    FsCheck (2.14.3)
      FSharp.Core (>= 4.2.3)
    FSharp.Core (5.0)
    FSharp.Data (3.3.3)
      FSharp.Core (>= 4.3.4)
    FSharp.Json (0.4)
      FSharp.Core (>= 4.6.2)
    HarfBuzzSharp (2.6.1.7)
      System.Memory (>= 4.5.3)
    HarfBuzzSharp.NativeAssets.Linux (2.6.1.7)
      HarfBuzzSharp (>= 2.6.1.7)
    JaggerJo.Avalonia.FuncUI (0.4.1)
      Avalonia.Desktop (>= 0.9.9)
      FSharp.Core (>= 4.6.2)
    JaggerJo.Avalonia.FuncUI.DSL (0.4.3)
      Avalonia.Desktop (>= 0.9.9)
      FSharp.Core (>= 4.7.1)
      JaggerJo.Avalonia.FuncUI (>= 0.4.1)
    JaggerJo.Avalonia.FuncUI.Elmish (0.4)
      Avalonia.Desktop (>= 0.9.7)
      Elmish (>= 3.0.6)
      FSharp.Core (>= 4.6.2)
      JaggerJo.Avalonia.FuncUI (>= 0.4)
    JetBrains.Annotations (2020.3)
    Microsoft.NETCore.Platforms (5.0)
    Microsoft.Win32.SystemEvents (5.0)
      Microsoft.NETCore.Platforms (>= 5.0)
    Mono.Cecil (0.11.3)
    SkiaSharp (2.80.2)
      System.Memory (>= 4.5.3)
    SkiaSharp.NativeAssets.Linux (2.80.2)
      SkiaSharp (>= 2.80.2)
    System.ComponentModel.Annotations (5.0)
    System.Configuration.ConfigurationManager (5.0)
      System.Security.Cryptography.ProtectedData (>= 5.0)
      System.Security.Permissions (>= 5.0)
    System.Drawing.Common (5.0)
      Microsoft.Win32.SystemEvents (>= 5.0)
    System.Memory (4.5.4)
    System.Numerics.Vectors (4.5)
    System.Reactive (5.0)
    System.Reflection.Emit (4.7)
    System.Runtime.CompilerServices.Unsafe (5.0)
    System.Security.AccessControl (5.0)
      Microsoft.NETCore.Platforms (>= 5.0)
      System.Security.Principal.Windows (>= 5.0)
    System.Security.Cryptography.ProtectedData (5.0)
    System.Security.Permissions (5.0)
      System.Security.AccessControl (>= 5.0)
      System.Windows.Extensions (>= 5.0)
    System.Security.Principal.Windows (5.0)
    System.ValueTuple (4.5)
    System.Windows.Extensions (5.0)
      System.Drawing.Common (>= 5.0)
    Tmds.DBus (0.9.1)
      System.Reflection.Emit (>= 4.7)
      System.Security.Principal.Windows (>= 4.7)
    TypedPersistence.Core (0.6.0-alpha.5)
      FSharp.Core (>= 5.0)
    TypedPersistence.Json (0.6.0-alpha.5)
      FSharp.Json (>= 0.4)
      TypedPersistence.Core (>= 0.6.0-alpha.5)
GITHUB
  remote: NicoVIII/Dozenalize
    FULLPROJECT (b5f8a8b1c3b4a7eebf23baa5895f16b6e4b2b447)
      Expecto
      Expecto.FsCheck
      FsCheck