STORAGE: NONE
RESTRICTION: == net6.0
NUGET
  remote: https://api.nuget.org/v3/index.json
    Avalonia (0.10.14)
      Avalonia.Remote.Protocol (>= 0.10.14)
      JetBrains.Annotations (>= 10.3)
      System.ComponentModel.Annotations (>= 4.5)
      System.Memory (>= 4.5.3)
      System.Reactive (>= 5.0)
      System.Runtime.CompilerServices.Unsafe (>= 4.6)
      System.ValueTuple (>= 4.5)
    Avalonia.Angle.Windows.Natives (2.1.0.2020091801)
    Avalonia.Controls.DataGrid (0.10.14)
      Avalonia (>= 0.10.14)
      Avalonia.Remote.Protocol (>= 0.10.14)
      JetBrains.Annotations (>= 10.3)
      System.Reactive (>= 5.0)
    Avalonia.Desktop (0.10.14)
      Avalonia (>= 0.10.14)
      Avalonia.Native (>= 0.10.14)
      Avalonia.Skia (>= 0.10.14)
      Avalonia.Win32 (>= 0.10.14)
      Avalonia.X11 (>= 0.10.14)
    Avalonia.Diagnostics (0.10.14)
      Avalonia (>= 0.10.14)
      Avalonia.Controls.DataGrid (>= 0.10.14)
      Microsoft.CodeAnalysis.CSharp.Scripting (>= 3.4)
      System.Reactive (>= 5.0)
    Avalonia.FreeDesktop (0.10.14)
      Avalonia (>= 0.10.14)
      Tmds.DBus (>= 0.9)
    Avalonia.Native (0.10.14)
      Avalonia (>= 0.10.14)
    Avalonia.Remote.Protocol (0.10.14)
    Avalonia.Skia (0.10.14)
      Avalonia (>= 0.10.14)
      HarfBuzzSharp (>= 2.8.2-preview.178)
      HarfBuzzSharp.NativeAssets.Linux (>= 2.8.2-preview.178)
      HarfBuzzSharp.NativeAssets.WebAssembly (>= 2.8.2-preview.178)
      SkiaSharp (>= 2.88.0-preview.178)
      SkiaSharp.NativeAssets.Linux (>= 2.88.0-preview.178)
      SkiaSharp.NativeAssets.WebAssembly (>= 2.88.0-preview.178)
    Avalonia.Win32 (0.10.14)
      Avalonia (>= 0.10.14)
      Avalonia.Angle.Windows.Natives (>= 2.1.0.2020091801)
      System.Drawing.Common (>= 4.5)
      System.Numerics.Vectors (>= 4.5)
    Avalonia.X11 (0.10.14)
      Avalonia (>= 0.10.14)
      Avalonia.FreeDesktop (>= 0.10.14)
      Avalonia.Skia (>= 0.10.14)
    Elmish (3.1)
      FSharp.Core (>= 4.6.2)
    Expecto (9.0.4)
      FSharp.Core (>= 4.6)
      Mono.Cecil (>= 0.11.3)
    Expecto.FsCheck (9.0.4)
      Expecto (>= 9.0.4)
      FsCheck (>= 2.14.3)
    FsCheck (2.16.4)
      FSharp.Core (>= 4.2.3)
    FSharp.Core (6.0.4)
    FSharp.Data (4.2.8)
      FSharp.Core (>= 4.7.2)
    HarfBuzzSharp (2.8.2-preview.266)
      HarfBuzzSharp.NativeAssets.macOS (>= 2.8.2-preview.266)
      HarfBuzzSharp.NativeAssets.Win32 (>= 2.8.2-preview.266)
      System.Memory (>= 4.5.3)
    HarfBuzzSharp.NativeAssets.Linux (2.8.2-preview.266)
      HarfBuzzSharp (>= 2.8.2-preview.266)
    HarfBuzzSharp.NativeAssets.macOS (2.8.2-preview.266)
    HarfBuzzSharp.NativeAssets.WebAssembly (2.8.2-preview.266)
    HarfBuzzSharp.NativeAssets.Win32 (2.8.2-preview.266)
    JaggerJo.Avalonia.FuncUI (0.5.1)
      Avalonia (>= 0.10.14)
      Avalonia.Desktop (>= 0.10.14)
      FSharp.Core (>= 6.0.2)
    JaggerJo.Avalonia.FuncUI.DSL (0.5.1)
      FSharp.Core (>= 6.0.2)
      JaggerJo.Avalonia.FuncUI (>= 0.5.1)
    JaggerJo.Avalonia.FuncUI.Elmish (0.5.1)
      Elmish (>= 3.1)
      FSharp.Core (>= 6.0.2)
      JaggerJo.Avalonia.FuncUI (>= 0.5.1)
    JetBrains.Annotations (2022.1)
    Microsoft.CodeAnalysis.Analyzers (3.3.3)
    Microsoft.CodeAnalysis.Common (4.2)
      Microsoft.CodeAnalysis.Analyzers (>= 3.3.3)
      System.Collections.Immutable (>= 5.0)
      System.Memory (>= 4.5.4)
      System.Reflection.Metadata (>= 5.0)
      System.Runtime.CompilerServices.Unsafe (>= 6.0)
      System.Text.Encoding.CodePages (>= 6.0)
      System.Threading.Tasks.Extensions (>= 4.5.4)
    Microsoft.CodeAnalysis.CSharp (4.2)
      Microsoft.CodeAnalysis.Common (4.2)
    Microsoft.CodeAnalysis.CSharp.Scripting (4.2)
      Microsoft.CodeAnalysis.Common (4.2)
      Microsoft.CodeAnalysis.CSharp (4.2)
      Microsoft.CodeAnalysis.Scripting.Common (4.2)
      Microsoft.CSharp (>= 4.7)
    Microsoft.CodeAnalysis.Scripting.Common (4.2)
      Microsoft.CodeAnalysis.Common (4.2)
    Microsoft.CodeCoverage (17.2)
    Microsoft.CSharp (4.7)
    Microsoft.NET.Test.Sdk (17.2)
      Microsoft.CodeCoverage (>= 17.2)
      Microsoft.TestPlatform.TestHost (>= 17.2)
    Microsoft.TestPlatform.ObjectModel (17.2)
      NuGet.Frameworks (>= 5.11)
      System.Reflection.Metadata (>= 1.6)
    Microsoft.TestPlatform.TestHost (17.2)
      Microsoft.TestPlatform.ObjectModel (>= 17.2)
      Newtonsoft.Json (>= 9.0.1)
    Microsoft.Win32.SystemEvents (6.0.1)
    Mono.Cecil (0.11.4)
    Newtonsoft.Json (13.0.1)
    NicoVIII.Basealize (0.3)
      FSharp.Core (>= 5.0)
    NicoVIII.Dozenalize (0.3)
      FSharp.Core (>= 5.0)
      NicoVIII.Basealize (>= 0.3)
    NicoVIII.FSharp.Json (0.6)
      FSharp.Core (>= 4.3.4)
    NicoVIII.Seximalize (0.3)
      FSharp.Core (>= 5.0)
      NicoVIII.Basealize (>= 0.3)
    NicoVIII.SimpleOptics (0.3.2)
      FSharp.Core (>= 6.0)
    NicoVIII.TypedPersistence.Core (0.6.0-alpha.8)
      FSharp.Core (>= 5.0)
    NicoVIII.TypedPersistence.Json (0.6.0-alpha.8)
      FSharp.Core (>= 5.0)
      NicoVIII.FSharp.Json (>= 0.6.0-prerelease)
      NicoVIII.TypedPersistence.Core (>= 0.6.0-alpha.8)
    NuGet.Frameworks (6.2)
    SchlenkR.FsHttp (5.1)
      FSharp.Core (>= 5.0)
      FSharp.Data (>= 4.0.1)
    SkiaSharp (2.88.0-preview.266)
      SkiaSharp.NativeAssets.macOS (>= 2.88.0-preview.266)
      SkiaSharp.NativeAssets.Win32 (>= 2.88.0-preview.266)
      System.Memory (>= 4.5.3)
    SkiaSharp.NativeAssets.Linux (2.88.0-preview.266)
      SkiaSharp (>= 2.88.0-preview.266)
    SkiaSharp.NativeAssets.macOS (2.88.0-preview.266)
    SkiaSharp.NativeAssets.WebAssembly (2.88.0-preview.266)
    SkiaSharp.NativeAssets.Win32 (2.88.0-preview.266)
    System.Collections.Immutable (6.0)
      System.Runtime.CompilerServices.Unsafe (>= 6.0)
    System.ComponentModel.Annotations (5.0)
    System.Drawing.Common (6.0)
      Microsoft.Win32.SystemEvents (>= 6.0)
    System.Memory (4.5.4)
    System.Numerics.Vectors (4.5)
    System.Reactive (5.0)
    System.Reflection.Emit (4.7)
    System.Reflection.Metadata (6.0.1)
      System.Collections.Immutable (>= 6.0)
    System.Runtime.CompilerServices.Unsafe (6.0)
    System.Security.Principal.Windows (5.0)
    System.Text.Encoding.CodePages (6.0)
      System.Runtime.CompilerServices.Unsafe (>= 6.0)
    System.Threading.Tasks.Extensions (4.5.4)
    System.ValueTuple (4.5)
    Tmds.DBus (0.10.1)
      System.Reflection.Emit (>= 4.7)
      System.Security.Principal.Windows (>= 4.7)
    YoloDev.Expecto.TestSdk (0.12.20)
      Expecto (>= 9.0 < 10.0)
      FSharp.Core (>= 4.6)
      System.Collections.Immutable (>= 1.7.1)
