STORAGE: NONE
RESTRICTION: == net8.0
NUGET
  remote: https://api.nuget.org/v3/index.json
    Avalonia (11.0.5)
      Avalonia.BuildServices (>= 0.0.29)
      Avalonia.Remote.Protocol (>= 11.0.5)
      MicroCom.Runtime (>= 0.11)
      System.ComponentModel.Annotations (>= 4.5)
    Avalonia.Angle.Windows.Natives (2.1.22087.20231008)
    Avalonia.BuildServices (0.0.29)
    Avalonia.Controls.ColorPicker (11.0.5)
      Avalonia (>= 11.0.5)
      Avalonia.Remote.Protocol (>= 11.0.5)
    Avalonia.Controls.DataGrid (11.0.5)
      Avalonia (>= 11.0.5)
      Avalonia.Remote.Protocol (>= 11.0.5)
    Avalonia.Desktop (11.0.5)
      Avalonia (>= 11.0.5)
      Avalonia.Native (>= 11.0.5)
      Avalonia.Skia (>= 11.0.5)
      Avalonia.Win32 (>= 11.0.5)
      Avalonia.X11 (>= 11.0.5)
    Avalonia.Diagnostics (11.0.5)
      Avalonia (>= 11.0.5)
      Avalonia.Controls.ColorPicker (>= 11.0.5)
      Avalonia.Controls.DataGrid (>= 11.0.5)
      Avalonia.Themes.Simple (>= 11.0.5)
      Microsoft.CodeAnalysis.Common (>= 3.8)
      Microsoft.CodeAnalysis.CSharp.Scripting (>= 3.8)
    Avalonia.FreeDesktop (11.0.5)
      Avalonia (>= 11.0.5)
      Tmds.DBus.Protocol (>= 0.15)
    Avalonia.FuncUI (1.1)
      Avalonia (>= 11.0)
      Avalonia.Controls.DataGrid (>= 11.0)
      FSharp.Core (>= 7.0.400)
    Avalonia.FuncUI.Elmish (1.1)
      Avalonia.FuncUI (>= 1.1)
      Elmish (>= 4.0)
      FSharp.Core (>= 7.0.400)
    Avalonia.Native (11.0.5)
      Avalonia (>= 11.0.5)
    Avalonia.Remote.Protocol (11.0.5)
    Avalonia.Skia (11.0.5)
      Avalonia (>= 11.0.5)
      HarfBuzzSharp (>= 2.8.2.3)
      HarfBuzzSharp.NativeAssets.Linux (>= 2.8.2.3)
      HarfBuzzSharp.NativeAssets.WebAssembly (>= 2.8.2.3)
      SkiaSharp (>= 2.88.6)
      SkiaSharp.NativeAssets.Linux (>= 2.88.6)
      SkiaSharp.NativeAssets.WebAssembly (>= 2.88.6)
    Avalonia.Themes.Fluent (11.0.5)
      Avalonia (>= 11.0.5)
    Avalonia.Themes.Simple (11.0.5)
      Avalonia (>= 11.0.5)
    Avalonia.Win32 (11.0.5)
      Avalonia (>= 11.0.5)
      Avalonia.Angle.Windows.Natives (>= 2.1.0.2023020321)
      System.Drawing.Common (>= 6.0)
      System.Numerics.Vectors (>= 4.5)
    Avalonia.X11 (11.0.5)
      Avalonia (>= 11.0.5)
      Avalonia.FreeDesktop (>= 11.0.5)
      Avalonia.Skia (>= 11.0.5)
    Elmish (4.1)
    Expecto (10.1)
      FSharp.Core (>= 7.0.200)
      Mono.Cecil (>= 0.11.4 < 1.0)
    Expecto.FsCheck (10.1)
      Expecto (>= 10.1)
      FsCheck (>= 2.16.5 < 3.0)
    FsCheck (2.16.6)
      FSharp.Core (>= 4.2.3)
    FSharp.Core (8.0.100)
    FSharp.Data (6.3)
      FSharp.Core (>= 5.0.1)
      FSharp.Data.Csv.Core (>= 6.3)
      FSharp.Data.Html.Core (>= 6.3)
      FSharp.Data.Http (>= 6.3)
      FSharp.Data.Json.Core (>= 6.3)
      FSharp.Data.Runtime.Utilities (>= 6.3)
      FSharp.Data.WorldBank.Core (>= 6.3)
      FSharp.Data.Xml.Core (>= 6.3)
    FSharp.Data.Csv.Core (6.3)
      FSharp.Core (>= 5.0.1)
      FSharp.Data.Runtime.Utilities (>= 6.3)
    FSharp.Data.Html.Core (6.3)
      FSharp.Core (>= 5.0.1)
      FSharp.Data.Csv.Core (>= 6.3)
      FSharp.Data.Runtime.Utilities (>= 6.3)
    FSharp.Data.Http (6.3)
      FSharp.Core (>= 5.0.1)
    FSharp.Data.Json.Core (6.3)
      FSharp.Core (>= 5.0.1)
      FSharp.Data.Http (>= 6.3)
      FSharp.Data.Runtime.Utilities (>= 6.3)
    FSharp.Data.Runtime.Utilities (6.3)
      FSharp.Core (>= 5.0.1)
      FSharp.Data.Http (>= 6.3)
    FSharp.Data.WorldBank.Core (6.3)
      FSharp.Core (>= 5.0.1)
      FSharp.Data.Http (>= 6.3)
      FSharp.Data.Json.Core (>= 6.3)
      FSharp.Data.Runtime.Utilities (>= 6.3)
    FSharp.Data.Xml.Core (6.3)
      FSharp.Core (>= 5.0.1)
      FSharp.Data.Http (>= 6.3)
      FSharp.Data.Json.Core (>= 6.3)
      FSharp.Data.Runtime.Utilities (>= 6.3)
    FsHttp (12.1)
    FsToolkit.ErrorHandling (4.12)
      FSharp.Core (>= 7.0.300)
    HarfBuzzSharp (7.3)
      HarfBuzzSharp.NativeAssets.macOS (>= 7.3)
      HarfBuzzSharp.NativeAssets.Win32 (>= 7.3)
    HarfBuzzSharp.NativeAssets.Linux (7.3)
      HarfBuzzSharp (>= 7.3)
    HarfBuzzSharp.NativeAssets.macOS (7.3)
    HarfBuzzSharp.NativeAssets.WebAssembly (7.3)
    HarfBuzzSharp.NativeAssets.Win32 (7.3)
    MicroCom.Runtime (0.11)
    Microsoft.CodeAnalysis.Analyzers (3.3.4)
    Microsoft.CodeAnalysis.Common (4.8)
      Microsoft.CodeAnalysis.Analyzers (>= 3.3.4)
      System.Collections.Immutable (>= 7.0)
      System.Reflection.Metadata (>= 7.0)
      System.Runtime.CompilerServices.Unsafe (>= 6.0)
    Microsoft.CodeAnalysis.CSharp (4.8)
      Microsoft.CodeAnalysis.Common (4.8)
    Microsoft.CodeAnalysis.CSharp.Scripting (4.8)
      Microsoft.CodeAnalysis.Common (4.8)
      Microsoft.CodeAnalysis.CSharp (4.8)
      Microsoft.CodeAnalysis.Scripting.Common (4.8)
      Microsoft.CSharp (>= 4.7)
    Microsoft.CodeAnalysis.Scripting.Common (4.8)
      Microsoft.CodeAnalysis.Common (4.8)
    Microsoft.CodeCoverage (17.8)
    Microsoft.CSharp (4.7)
    Microsoft.NET.Test.Sdk (17.8)
      Microsoft.CodeCoverage (>= 17.8)
      Microsoft.TestPlatform.TestHost (>= 17.8)
    Microsoft.TestPlatform.ObjectModel (17.8)
      NuGet.Frameworks (>= 6.5)
      System.Reflection.Metadata (>= 1.6)
    Microsoft.TestPlatform.TestHost (17.8)
      Microsoft.TestPlatform.ObjectModel (>= 17.8)
      Newtonsoft.Json (>= 13.0.1)
    Microsoft.Win32.SystemEvents (8.0)
    Mono.Cecil (0.11.5)
    Newtonsoft.Json (13.0.3)
    NicoVIII.Basealize (1.0)
      FSharp.Core (>= 6.0.6)
    NicoVIII.Dozenalize (1.0)
      FSharp.Core (>= 6.0.6)
      NicoVIII.Basealize (>= 1.0)
    NicoVIII.FSharp.Json (0.6)
      FSharp.Core (>= 4.3.4)
    NicoVIII.Seximalize (1.0)
      FSharp.Core (>= 6.0.6)
      NicoVIII.Basealize (>= 1.0)
    NicoVIII.SimpleOptics (0.3.2)
      FSharp.Core (>= 6.0)
    NicoVIII.TypedPersistence.Core (0.6.0-alpha.10)
      FSharp.Core (>= 6.0)
    NicoVIII.TypedPersistence.Json (0.6.0-alpha.10)
      FSharp.Core (>= 6.0)
      FsToolkit.ErrorHandling (>= 2.13)
      NicoVIII.FSharp.Json (>= 0.6.0-prerelease)
      NicoVIII.TypedPersistence.Core (>= 0.6.0-alpha.10)
    NuGet.Frameworks (6.8)
    SkiaSharp (2.88.6)
      SkiaSharp.NativeAssets.macOS (>= 2.88.6)
      SkiaSharp.NativeAssets.Win32 (>= 2.88.6)
    SkiaSharp.NativeAssets.Linux (2.88.6)
      SkiaSharp (>= 2.88.6)
    SkiaSharp.NativeAssets.macOS (2.88.6)
    SkiaSharp.NativeAssets.WebAssembly (2.88.6)
    SkiaSharp.NativeAssets.Win32 (2.88.6)
    System.Collections.Immutable (8.0)
    System.ComponentModel.Annotations (5.0)
    System.Drawing.Common (8.0)
      Microsoft.Win32.SystemEvents (>= 8.0)
    System.IO.Pipelines (8.0)
    System.Numerics.Vectors (4.5)
    System.Reflection.Metadata (8.0)
      System.Collections.Immutable (>= 8.0)
    System.Runtime.CompilerServices.Unsafe (6.0)
    Tmds.DBus.Protocol (0.15)
      System.IO.Pipelines (>= 6.0)
    YoloDev.Expecto.TestSdk (0.14.3)
      Expecto (>= 10.0 < 11.0)
      FSharp.Core (>= 7.0.200)
      System.Collections.Immutable (>= 6.0)
