STORAGE: NONE
RESTRICTION: == net7.0
NUGET
  remote: https://api.nuget.org/v3/index.json
    Avalonia (11.0.4)
      Avalonia.BuildServices (>= 0.0.29)
      Avalonia.Remote.Protocol (>= 11.0.4)
      MicroCom.Runtime (>= 0.11)
      System.ComponentModel.Annotations (>= 4.5)
    Avalonia.Angle.Windows.Natives (2.1.0.2023020321)
    Avalonia.BuildServices (0.0.29)
    Avalonia.Controls.ColorPicker (11.0.4)
      Avalonia (>= 11.0.4)
      Avalonia.Remote.Protocol (>= 11.0.4)
    Avalonia.Controls.DataGrid (11.0.4)
      Avalonia (>= 11.0.4)
      Avalonia.Remote.Protocol (>= 11.0.4)
    Avalonia.Desktop (11.0.4)
      Avalonia (>= 11.0.4)
      Avalonia.Native (>= 11.0.4)
      Avalonia.Skia (>= 11.0.4)
      Avalonia.Win32 (>= 11.0.4)
      Avalonia.X11 (>= 11.0.4)
    Avalonia.Diagnostics (11.0.4)
      Avalonia (>= 11.0.4)
      Avalonia.Controls.ColorPicker (>= 11.0.4)
      Avalonia.Controls.DataGrid (>= 11.0.4)
      Avalonia.Themes.Simple (>= 11.0.4)
      Microsoft.CodeAnalysis.Common (>= 3.8)
      Microsoft.CodeAnalysis.CSharp.Scripting (>= 3.8)
    Avalonia.FreeDesktop (11.0.4)
      Avalonia (>= 11.0.4)
      Tmds.DBus.Protocol (>= 0.15)
    Avalonia.FuncUI (1.0.1)
      Avalonia (>= 11.0)
      Avalonia.Controls.DataGrid (>= 11.0)
      FSharp.Core (>= 7.0.300)
    Avalonia.FuncUI.Elmish (1.0.1)
      Avalonia.FuncUI (>= 1.0.1)
      Elmish (>= 4.0)
      FSharp.Core (>= 7.0.300)
    Avalonia.Native (11.0.4)
      Avalonia (>= 11.0.4)
    Avalonia.Remote.Protocol (11.0.4)
    Avalonia.Skia (11.0.4)
      Avalonia (>= 11.0.4)
      HarfBuzzSharp (>= 2.8.2.3)
      HarfBuzzSharp.NativeAssets.Linux (>= 2.8.2.3)
      HarfBuzzSharp.NativeAssets.WebAssembly (>= 2.8.2.3)
      SkiaSharp (>= 2.88.3)
      SkiaSharp.NativeAssets.Linux (>= 2.88.3)
      SkiaSharp.NativeAssets.WebAssembly (>= 2.88.3)
    Avalonia.Themes.Fluent (11.0.4)
      Avalonia (>= 11.0.4)
    Avalonia.Themes.Simple (11.0.4)
      Avalonia (>= 11.0.4)
    Avalonia.Win32 (11.0.4)
      Avalonia (>= 11.0.4)
      Avalonia.Angle.Windows.Natives (>= 2.1.0.2023020321)
      System.Drawing.Common (>= 6.0)
      System.Numerics.Vectors (>= 4.5)
    Avalonia.X11 (11.0.4)
      Avalonia (>= 11.0.4)
      Avalonia.FreeDesktop (>= 11.0.4)
      Avalonia.Skia (>= 11.0.4)
    Elmish (4.0.2)
    Expecto (10.1)
      FSharp.Core (>= 7.0.200)
      Mono.Cecil (>= 0.11.4 < 1.0)
    Expecto.FsCheck (10.1)
      Expecto (>= 10.1)
      FsCheck (>= 2.16.5 < 3.0)
    FsCheck (2.16.5)
      FSharp.Core (>= 4.2.3)
    FSharp.Core (7.0.400)
    FSharp.Data (6.2)
      FSharp.Core (>= 5.0.1)
      FSharp.Data.Csv.Core (>= 6.2)
      FSharp.Data.Html.Core (>= 6.2)
      FSharp.Data.Http (>= 6.2)
      FSharp.Data.Json.Core (>= 6.2)
      FSharp.Data.Runtime.Utilities (>= 6.2)
      FSharp.Data.WorldBank.Core (>= 6.2)
      FSharp.Data.Xml.Core (>= 6.2)
    FSharp.Data.Csv.Core (6.2)
      FSharp.Core (>= 5.0.1)
      FSharp.Data.Runtime.Utilities (>= 6.2)
    FSharp.Data.Html.Core (6.2)
      FSharp.Core (>= 5.0.1)
      FSharp.Data.Csv.Core (>= 6.2)
      FSharp.Data.Runtime.Utilities (>= 6.2)
    FSharp.Data.Http (6.2)
      FSharp.Core (>= 5.0.1)
    FSharp.Data.Json.Core (6.2)
      FSharp.Core (>= 5.0.1)
      FSharp.Data.Http (>= 6.2)
      FSharp.Data.Runtime.Utilities (>= 6.2)
    FSharp.Data.Runtime.Utilities (6.2)
      FSharp.Core (>= 5.0.1)
      FSharp.Data.Http (>= 6.2)
    FSharp.Data.WorldBank.Core (6.2)
      FSharp.Core (>= 5.0.1)
      FSharp.Data.Http (>= 6.2)
      FSharp.Data.Json.Core (>= 6.2)
      FSharp.Data.Runtime.Utilities (>= 6.2)
    FSharp.Data.Xml.Core (6.2)
      FSharp.Core (>= 5.0.1)
      FSharp.Data.Http (>= 6.2)
      FSharp.Data.Json.Core (>= 6.2)
      FSharp.Data.Runtime.Utilities (>= 6.2)
    FsHttp (11.0)
      FSharp.Core (>= 5.0)
    HarfBuzzSharp (2.8.2.5)
      HarfBuzzSharp.NativeAssets.macOS (>= 2.8.2.5)
      HarfBuzzSharp.NativeAssets.Win32 (>= 2.8.2.5)
    HarfBuzzSharp.NativeAssets.Linux (2.8.2.5)
      HarfBuzzSharp (>= 2.8.2.5)
    HarfBuzzSharp.NativeAssets.macOS (2.8.2.5)
    HarfBuzzSharp.NativeAssets.WebAssembly (2.8.2.5)
    HarfBuzzSharp.NativeAssets.Win32 (2.8.2.5)
    MicroCom.Runtime (0.11)
    Microsoft.CodeAnalysis.Analyzers (3.3.3)
    Microsoft.CodeAnalysis.Common (4.4)
      Microsoft.CodeAnalysis.Analyzers (>= 3.3.3)
      System.Collections.Immutable (>= 6.0)
      System.Memory (>= 4.5.5)
      System.Reflection.Metadata (>= 5.0)
      System.Runtime.CompilerServices.Unsafe (>= 6.0)
      System.Text.Encoding.CodePages (>= 6.0)
      System.Threading.Tasks.Extensions (>= 4.5.4)
    Microsoft.CodeAnalysis.CSharp (4.4)
      Microsoft.CodeAnalysis.Common (4.4)
    Microsoft.CodeAnalysis.CSharp.Scripting (4.4)
      Microsoft.CodeAnalysis.Common (4.4)
      Microsoft.CodeAnalysis.CSharp (4.4)
      Microsoft.CodeAnalysis.Scripting.Common (4.4)
      Microsoft.CSharp (>= 4.7)
    Microsoft.CodeAnalysis.Scripting.Common (4.4)
      Microsoft.CodeAnalysis.Common (4.4)
    Microsoft.CodeCoverage (17.7.2)
    Microsoft.CSharp (4.7)
    Microsoft.NET.Test.Sdk (17.7.2)
      Microsoft.CodeCoverage (>= 17.7.2)
      Microsoft.TestPlatform.TestHost (>= 17.7.2)
    Microsoft.TestPlatform.ObjectModel (17.7.2)
      NuGet.Frameworks (>= 6.5)
      System.Reflection.Metadata (>= 1.6)
    Microsoft.TestPlatform.TestHost (17.7.2)
      Microsoft.TestPlatform.ObjectModel (>= 17.7.2)
      Newtonsoft.Json (>= 13.0.1)
    Microsoft.Win32.SystemEvents (7.0)
    Mono.Cecil (0.11.4)
    Newtonsoft.Json (13.0.3)
    NicoVIII.Basealize (1.0)
      FSharp.Core (>= 6.0.6)
    NicoVIII.Dozenalize (1.0)
      FSharp.Core (>= 6.0.6)
      NicoVIII.Basealize (>= 1.0)
    NicoVIII.FSharp.Json (0.6)
      FSharp.Core (>= 4.3.4)
    NicoVIII.Seximalize (1.0)
      FSharp.Core (>= 6.0.6)
      NicoVIII.Basealize (>= 1.0)
    NicoVIII.SimpleOptics (0.3.2)
      FSharp.Core (>= 6.0)
    NicoVIII.TypedPersistence.Core (0.6.0-alpha.10)
      FSharp.Core (>= 6.0)
    NicoVIII.TypedPersistence.Json (0.6.0-alpha.8)
      FSharp.Core (>= 5.0)
      NicoVIII.FSharp.Json (>= 0.6.0-prerelease)
      NicoVIII.TypedPersistence.Core (>= 0.6.0-alpha.8)
    NuGet.Frameworks (6.7)
    SkiaSharp (2.88.5)
      SkiaSharp.NativeAssets.macOS (>= 2.88.5)
      SkiaSharp.NativeAssets.Win32 (>= 2.88.5)
    SkiaSharp.NativeAssets.Linux (2.88.5)
      SkiaSharp (>= 2.88.5)
    SkiaSharp.NativeAssets.macOS (2.88.5)
    SkiaSharp.NativeAssets.WebAssembly (2.88.5)
    SkiaSharp.NativeAssets.Win32 (2.88.5)
    System.Collections.Immutable (7.0)
    System.ComponentModel.Annotations (5.0)
    System.Drawing.Common (7.0)
      Microsoft.Win32.SystemEvents (>= 7.0)
    System.IO.Pipelines (7.0)
    System.Memory (4.5.5)
    System.Numerics.Vectors (4.5)
    System.Reflection.Metadata (7.0)
      System.Collections.Immutable (>= 7.0)
    System.Runtime.CompilerServices.Unsafe (6.0)
    System.Text.Encoding.CodePages (7.0)
    System.Threading.Tasks.Extensions (4.5.4)
    Tmds.DBus.Protocol (0.15)
      System.IO.Pipelines (>= 6.0)
    YoloDev.Expecto.TestSdk (0.14.2)
      Expecto (>= 10.0 < 11.0)
      FSharp.Core (>= 7.0.200)
      System.Collections.Immutable (>= 6.0)
