STORAGE: NONE
RESTRICTION: == net6.0
NUGET
  remote: https://api.nuget.org/v3/index.json
    Avalonia (0.10.18)
      Avalonia.Remote.Protocol (>= 0.10.18)
      JetBrains.Annotations (>= 10.3)
      System.ComponentModel.Annotations (>= 4.5)
      System.Memory (>= 4.5.3)
      System.Reactive (>= 5.0)
      System.Runtime.CompilerServices.Unsafe (>= 4.6)
      System.ValueTuple (>= 4.5)
    Avalonia.Angle.Windows.Natives (2.1.18905.20220610)
    Avalonia.Controls.DataGrid (0.10.18)
      Avalonia (>= 0.10.18)
      Avalonia.Remote.Protocol (>= 0.10.18)
      JetBrains.Annotations (>= 10.3)
      System.Reactive (>= 5.0)
    Avalonia.Desktop (0.10.18)
      Avalonia (>= 0.10.18)
      Avalonia.Native (>= 0.10.18)
      Avalonia.Skia (>= 0.10.18)
      Avalonia.Win32 (>= 0.10.18)
      Avalonia.X11 (>= 0.10.18)
    Avalonia.Diagnostics (0.10.18)
      Avalonia (>= 0.10.18)
      Avalonia.Controls.DataGrid (>= 0.10.18)
      Microsoft.CodeAnalysis.CSharp.Scripting (>= 3.4)
      System.Reactive (>= 5.0)
    Avalonia.FreeDesktop (0.10.18)
      Avalonia (>= 0.10.18)
      Tmds.DBus (>= 0.9)
    Avalonia.Native (0.10.18)
      Avalonia (>= 0.10.18)
    Avalonia.Remote.Protocol (0.10.18)
    Avalonia.Skia (0.10.18)
      Avalonia (>= 0.10.18)
      HarfBuzzSharp (>= 2.8.2.1-preview.108)
      HarfBuzzSharp.NativeAssets.Linux (>= 2.8.2.1-preview.108)
      HarfBuzzSharp.NativeAssets.WebAssembly (>= 2.8.2.1-preview.108)
      SkiaSharp (>= 2.88.1-preview.108)
      SkiaSharp.NativeAssets.Linux (>= 2.88.1-preview.108)
      SkiaSharp.NativeAssets.WebAssembly (>= 2.88.1-preview.108)
    Avalonia.Win32 (0.10.18)
      Avalonia (>= 0.10.18)
      Avalonia.Angle.Windows.Natives (>= 2.1.0.2020091801)
      System.Drawing.Common (>= 4.5)
      System.Numerics.Vectors (>= 4.5)
    Avalonia.X11 (0.10.18)
      Avalonia (>= 0.10.18)
      Avalonia.FreeDesktop (>= 0.10.18)
      Avalonia.Skia (>= 0.10.18)
    Elmish (3.1)
      FSharp.Core (>= 4.6.2)
    Expecto (9.0.4)
      FSharp.Core (>= 4.6)
      Mono.Cecil (>= 0.11.3)
    Expecto.FsCheck (9.0.4)
      Expecto (>= 9.0.4)
      FsCheck (>= 2.14.3)
    FsCheck (2.16.5)
      FSharp.Core (>= 4.2.3)
    FSharp.Core (6.0.7)
    FSharp.Data (5.0.2)
      FSharp.Core (>= 5.0.1)
    HarfBuzzSharp (2.8.2.3)
      HarfBuzzSharp.NativeAssets.macOS (>= 2.8.2.3)
      HarfBuzzSharp.NativeAssets.Win32 (>= 2.8.2.3)
    HarfBuzzSharp.NativeAssets.Linux (2.8.2.3)
      HarfBuzzSharp (>= 2.8.2.3)
    HarfBuzzSharp.NativeAssets.macOS (2.8.2.3)
    HarfBuzzSharp.NativeAssets.WebAssembly (2.8.2.3)
    HarfBuzzSharp.NativeAssets.Win32 (2.8.2.3)
    JaggerJo.Avalonia.FuncUI (0.5.3)
      Avalonia (>= 0.10.15)
      Avalonia.Desktop (>= 0.10.15)
      FSharp.Core (>= 6.0.4)
    JaggerJo.Avalonia.FuncUI.DSL (0.5.3)
      FSharp.Core (>= 6.0.4)
      JaggerJo.Avalonia.FuncUI (>= 0.5.3)
    JaggerJo.Avalonia.FuncUI.Elmish (0.5.3)
      Elmish (>= 3.1)
      FSharp.Core (>= 6.0.4)
      JaggerJo.Avalonia.FuncUI (>= 0.5.3)
    JetBrains.Annotations (2022.3.1)
    Microsoft.Bcl.AsyncInterfaces (7.0)
    Microsoft.CodeAnalysis.Analyzers (3.3.3)
    Microsoft.CodeAnalysis.Common (4.4)
      Microsoft.CodeAnalysis.Analyzers (>= 3.3.3)
      System.Collections.Immutable (>= 6.0)
      System.Memory (>= 4.5.5)
      System.Reflection.Metadata (>= 5.0)
      System.Runtime.CompilerServices.Unsafe (>= 6.0)
      System.Text.Encoding.CodePages (>= 6.0)
      System.Threading.Tasks.Extensions (>= 4.5.4)
    Microsoft.CodeAnalysis.CSharp (4.4)
      Microsoft.CodeAnalysis.Common (4.4)
    Microsoft.CodeAnalysis.CSharp.Scripting (4.4)
      Microsoft.CodeAnalysis.Common (4.4)
      Microsoft.CodeAnalysis.CSharp (4.4)
      Microsoft.CodeAnalysis.Scripting.Common (4.4)
      Microsoft.CSharp (>= 4.7)
    Microsoft.CodeAnalysis.Scripting.Common (4.4)
      Microsoft.CodeAnalysis.Common (4.4)
    Microsoft.CodeCoverage (17.4.1)
    Microsoft.CSharp (4.7)
    Microsoft.NET.Test.Sdk (17.4.1)
      Microsoft.CodeCoverage (>= 17.4.1)
      Microsoft.TestPlatform.TestHost (>= 17.4.1)
    Microsoft.TestPlatform.ObjectModel (17.4.1)
      NuGet.Frameworks (>= 5.11)
      System.Reflection.Metadata (>= 1.6)
    Microsoft.TestPlatform.TestHost (17.4.1)
      Microsoft.TestPlatform.ObjectModel (>= 17.4.1)
      Newtonsoft.Json (>= 13.0.1)
    Microsoft.Win32.SystemEvents (7.0)
    Mono.Cecil (0.11.4)
    Newtonsoft.Json (13.0.2)
    NicoVIII.Basealize (1.0)
      FSharp.Core (>= 6.0.6)
    NicoVIII.Dozenalize (1.0)
      FSharp.Core (>= 6.0.6)
      NicoVIII.Basealize (>= 1.0)
    NicoVIII.FSharp.Json (0.6)
      FSharp.Core (>= 4.3.4)
    NicoVIII.Seximalize (1.0)
      FSharp.Core (>= 6.0.6)
      NicoVIII.Basealize (>= 1.0)
    NicoVIII.SimpleOptics (0.3.2)
      FSharp.Core (>= 6.0)
    NicoVIII.TypedPersistence.Core (0.6.0-alpha.8)
      FSharp.Core (>= 5.0)
    NicoVIII.TypedPersistence.Json (0.6.0-alpha.8)
      FSharp.Core (>= 5.0)
      NicoVIII.FSharp.Json (>= 0.6.0-prerelease)
      NicoVIII.TypedPersistence.Core (>= 0.6.0-alpha.8)
    NuGet.Frameworks (6.4)
    SchlenkR.FsHttp (5.1)
      FSharp.Core (>= 5.0)
      FSharp.Data (>= 4.0.1)
    SkiaSharp (2.88.3)
      SkiaSharp.NativeAssets.macOS (>= 2.88.3)
      SkiaSharp.NativeAssets.Win32 (>= 2.88.3)
    SkiaSharp.NativeAssets.Linux (2.88.3)
      SkiaSharp (>= 2.88.3)
    SkiaSharp.NativeAssets.macOS (2.88.3)
    SkiaSharp.NativeAssets.WebAssembly (2.88.3)
    SkiaSharp.NativeAssets.Win32 (2.88.3)
    System.Collections.Immutable (7.0)
      System.Runtime.CompilerServices.Unsafe (>= 6.0)
    System.ComponentModel.Annotations (5.0)
    System.Drawing.Common (7.0)
      Microsoft.Win32.SystemEvents (>= 7.0)
    System.Memory (4.5.5)
    System.Numerics.Vectors (4.5)
    System.Reactive (5.0)
    System.Reflection.Emit (4.7)
    System.Reflection.Metadata (7.0)
      System.Collections.Immutable (>= 7.0)
    System.Runtime.CompilerServices.Unsafe (6.0)
    System.Security.Principal.Windows (5.0)
    System.Text.Encoding.CodePages (7.0)
      System.Runtime.CompilerServices.Unsafe (>= 6.0)
    System.Threading.Tasks.Extensions (4.5.4)
    System.ValueTuple (4.5)
    Tmds.DBus (0.11)
      Microsoft.Bcl.AsyncInterfaces (>= 6.0)
      System.Reflection.Emit (>= 4.7)
      System.Security.Principal.Windows (>= 4.7)
    YoloDev.Expecto.TestSdk (0.13.3)
      Expecto (>= 9.0 < 10.0)
      FSharp.Core (>= 4.6.2)
      System.Collections.Immutable (>= 6.0)
