STORAGE: NONE
RESTRICTION: == net8.0
NUGET
  remote: https://api.nuget.org/v3/index.json
    Avalonia (11.2)
      Avalonia.BuildServices (>= 0.0.29)
      Avalonia.Remote.Protocol (>= 11.2)
      MicroCom.Runtime (>= 0.11)
    Avalonia.Angle.Windows.Natives (2.1.22087.20231008)
    Avalonia.BuildServices (0.0.31)
    Avalonia.Controls.ColorPicker (11.2)
      Avalonia (>= 11.2)
      Avalonia.Remote.Protocol (>= 11.2)
    Avalonia.Controls.DataGrid (11.2)
      Avalonia (>= 11.2)
      Avalonia.Remote.Protocol (>= 11.2)
    Avalonia.Desktop (11.2)
      Avalonia (>= 11.2)
      Avalonia.Native (>= 11.2)
      Avalonia.Skia (>= 11.2)
      Avalonia.Win32 (>= 11.2)
      Avalonia.X11 (>= 11.2)
    Avalonia.Diagnostics (11.2)
      Avalonia (>= 11.2)
      Avalonia.Controls.ColorPicker (>= 11.2)
      Avalonia.Controls.DataGrid (>= 11.2)
      Avalonia.Themes.Simple (>= 11.2)
    Avalonia.FreeDesktop (11.2)
      Avalonia (>= 11.2)
      Tmds.DBus.Protocol (>= 0.20)
    Avalonia.FuncUI (1.5.1)
      Avalonia (>= 11.1)
      Avalonia.Controls.DataGrid (>= 11.1)
      FSharp.Core (>= 6.0)
    Avalonia.FuncUI.Elmish (1.5.1)
      Avalonia.FuncUI (>= 1.5.1)
      Elmish (>= 4.0)
      FSharp.Core (>= 6.0)
    Avalonia.Native (11.2)
      Avalonia (>= 11.2)
    Avalonia.Remote.Protocol (11.2)
    Avalonia.Skia (11.2)
      Avalonia (>= 11.2)
      HarfBuzzSharp (>= 7.3.0.2)
      HarfBuzzSharp.NativeAssets.Linux (>= 7.3.0.2)
      HarfBuzzSharp.NativeAssets.WebAssembly (>= 7.3.0.3-preview.2.2)
      SkiaSharp (>= 2.88.8)
      SkiaSharp.NativeAssets.Linux (>= 2.88.8)
      SkiaSharp.NativeAssets.WebAssembly (>= 2.88.8)
    Avalonia.Themes.Fluent (11.2)
      Avalonia (>= 11.2)
    Avalonia.Themes.Simple (11.2)
      Avalonia (>= 11.2)
    Avalonia.Win32 (11.2)
      Avalonia (>= 11.2)
      Avalonia.Angle.Windows.Natives (>= 2.1.22045.20230930)
    Avalonia.X11 (11.2)
      Avalonia (>= 11.2)
      Avalonia.FreeDesktop (>= 11.2)
      Avalonia.Skia (>= 11.2)
    Elmish (4.2)
    Expecto (10.2.1)
      FSharp.Core (>= 7.0.200)
      Mono.Cecil (>= 0.11.4 < 1.0)
    Expecto.FsCheck (10.2.1)
      Expecto (>= 10.2.1)
      FsCheck (>= 2.16.5 < 3.0)
    FsCheck (2.16.6)
      FSharp.Core (>= 4.2.3)
    FSharp.Core (8.0.401)
    FSharp.Data (6.4)
      FSharp.Core (>= 6.0.1)
      FSharp.Data.Csv.Core (>= 6.4)
      FSharp.Data.Html.Core (>= 6.4)
      FSharp.Data.Http (>= 6.4)
      FSharp.Data.Json.Core (>= 6.4)
      FSharp.Data.Runtime.Utilities (>= 6.4)
      FSharp.Data.WorldBank.Core (>= 6.4)
      FSharp.Data.Xml.Core (>= 6.4)
    FSharp.Data.Csv.Core (6.4)
      FSharp.Core (>= 6.0.1)
      FSharp.Data.Runtime.Utilities (>= 6.4)
    FSharp.Data.Html.Core (6.4)
      FSharp.Core (>= 6.0.1)
      FSharp.Data.Csv.Core (>= 6.4)
      FSharp.Data.Runtime.Utilities (>= 6.4)
    FSharp.Data.Http (6.4)
      FSharp.Core (>= 6.0.1)
    FSharp.Data.Json.Core (6.4)
      FSharp.Core (>= 6.0.1)
      FSharp.Data.Http (>= 6.4)
      FSharp.Data.Runtime.Utilities (>= 6.4)
    FSharp.Data.Runtime.Utilities (6.4)
      FSharp.Core (>= 6.0.1)
      FSharp.Data.Http (>= 6.4)
    FSharp.Data.WorldBank.Core (6.4)
      FSharp.Core (>= 6.0.1)
      FSharp.Data.Http (>= 6.4)
      FSharp.Data.Json.Core (>= 6.4)
      FSharp.Data.Runtime.Utilities (>= 6.4)
    FSharp.Data.Xml.Core (6.4)
      FSharp.Core (>= 6.0.1)
      FSharp.Data.Http (>= 6.4)
      FSharp.Data.Json.Core (>= 6.4)
      FSharp.Data.Runtime.Utilities (>= 6.4)
    FsHttp (14.5.1)
      FSharp.Core (>= 5.0.2)
    FsToolkit.ErrorHandling (4.18)
      FSharp.Core (>= 7.0.300)
    HarfBuzzSharp (7.3.0.2)
      HarfBuzzSharp.NativeAssets.macOS (>= 7.3.0.2)
      HarfBuzzSharp.NativeAssets.Win32 (>= 7.3.0.2)
    HarfBuzzSharp.NativeAssets.Linux (7.3.0.2)
      HarfBuzzSharp (>= 7.3.0.2)
    HarfBuzzSharp.NativeAssets.macOS (7.3.0.2)
    HarfBuzzSharp.NativeAssets.WebAssembly (8.3.0-preview.5.4)
    HarfBuzzSharp.NativeAssets.Win32 (7.3.0.2)
    MicroCom.Runtime (0.11)
    Microsoft.CodeCoverage (17.11.1)
    Microsoft.NET.Test.Sdk (17.11.1)
      Microsoft.CodeCoverage (>= 17.11.1)
      Microsoft.TestPlatform.TestHost (>= 17.11.1)
    Microsoft.TestPlatform.ObjectModel (17.11.1)
      System.Reflection.Metadata (>= 1.6)
    Microsoft.TestPlatform.TestHost (17.11.1)
      Microsoft.TestPlatform.ObjectModel (>= 17.11.1)
      Newtonsoft.Json (>= 13.0.1)
    Mono.Cecil (0.11.6)
    Newtonsoft.Json (13.0.3)
    NicoVIII.Basealize (2.0)
      FSharp.Core (>= 6.0)
    NicoVIII.Dozenalize (2.0)
      FSharp.Core (>= 6.0)
      NicoVIII.Basealize (>= 2.0)
    NicoVIII.FSharp.Json (0.7)
      FSharp.Core (>= 6.0)
    NicoVIII.Seximalize (2.0)
      FSharp.Core (>= 6.0)
      NicoVIII.Basealize (>= 2.0)
    NicoVIII.SimpleOptics (0.3.2)
      FSharp.Core (>= 6.0)
    NicoVIII.TypedPersistence.Core (0.6)
      FSharp.Core (>= 6.0)
    NicoVIII.TypedPersistence.Json (0.6)
      FSharp.Core (>= 6.0)
      FsToolkit.ErrorHandling (>= 2.13)
      NicoVIII.FSharp.Json (>= 0.7)
      NicoVIII.TypedPersistence.Core (>= 0.6)
    SkiaSharp (2.88.8)
      SkiaSharp.NativeAssets.macOS (>= 2.88.8)
      SkiaSharp.NativeAssets.Win32 (>= 2.88.8)
    SkiaSharp.NativeAssets.Linux (2.88.8)
      SkiaSharp (>= 2.88.8)
    SkiaSharp.NativeAssets.macOS (2.88.8)
    SkiaSharp.NativeAssets.WebAssembly (2.88.8)
    SkiaSharp.NativeAssets.Win32 (2.88.8)
    System.Collections.Immutable (8.0)
    System.IO.Pipelines (8.0)
    System.Reflection.Metadata (8.0.1)
    Tmds.DBus.Protocol (0.20)
      System.IO.Pipelines (>= 8.0)
    YoloDev.Expecto.TestSdk (0.14.3)
      Expecto (>= 10.0 < 11.0)
      FSharp.Core (>= 7.0.200)
      System.Collections.Immutable (>= 6.0)
